PATH
  remote: .
  specs:
    sinatra (1.4.0)
      rack (~> 1.3, >= 1.3.6)
      rack-protection (~> 1.2)
      tilt (~> 1.3, >= 1.3.3)

GEM
  remote: http://rubygems.org/
  specs:
    RedCloth (4.2.9)
    backports (2.8.2)
    blankslate (2.1.2.4)
    builder (3.2.2)
    cgi_multipart_eof_fix (2.5.0)
    ci_reporter (1.9.1)
      builder (>= 2.1.2)
    citrus (2.4.1)
    coffee-script (2.2.0)
      coffee-script-source
      execjs
    coffee-script-source (1.7.0)
    commonjs (0.2.7)
    creole (0.5.0)
    daemons (1.1.9)
    erubis (2.7.0)
    eventmachine (1.0.3)
    execjs (2.0.2)
    fastthread (1.0.7)
    gem_plugin (0.2.3)
    haml (4.0.5)
      tilt
    json (1.8.1)
    kramdown (1.3.1)
    less (2.4.0)
      commonjs (~> 0.2.7)
    liquid (2.6.1)
    markaby (0.8.0)
      builder
    maruku (0.7.1)
    mini_portile (0.5.2)
    mongrel (1.1.5)
      cgi_multipart_eof_fix (>= 2.4)
      daemons (>= 1.0.3)
      fastthread (>= 1.0.1)
      gem_plugin (>= 0.2.3)
    net-http-server (0.2.2)
      parslet (~> 1.0)
    nokogiri (1.6.1)
      mini_portile (~> 0.5.0)
    parslet (1.5.0)
      blankslate (~> 2.0)
    path (1.3.3)
    puma (2.7.1)
      rack (>= 1.1, < 2.0)
    quickl (0.4.3)
    rack (1.5.2)
    rack-protection (1.5.2)
      rack
    rack-test (0.6.2)
      rack (>= 1.0)
    radius (0.7.4)
    rake (10.1.1)
    rdiscount (2.1.7)
    rdoc (4.1.1)
      json (~> 1.4)
    redcarpet (3.0.0)
    sass (3.2.14)
    slim (1.3.9)
      temple (~> 0.6.3)
      tilt (~> 1.3, >= 1.3.3)
    temple (0.6.7)
    thin (1.6.1)
      daemons (>= 1.0.9)
      eventmachine (>= 1.0.0)
      rack (>= 1.0.0)
    tilt (1.4.1)
    wlang (2.2.3)
      backports (~> 2.6)
      citrus (~> 2.4.1)
      path (~> 1.3)
      quickl (~> 0.4.3)
      temple (~> 0.6)
    yajl-ruby (1.2.0)

PLATFORMS
  ruby

DEPENDENCIES
  RedCloth
  builder
  ci_reporter
  coffee-script (>= 2.0)
  creole
  erubis
  haml (>= 3.0)
  kramdown
  less (~> 2.0)
  liquid
  markaby
  maruku
  mongrel
  net-http-server
  nokogiri
  puma
  rack
  rack-test (>= 0.5.6)
  radius
  rake
  rdiscount
  rdoc
  redcarpet
  sass
  sinatra!
  slim (~> 1.0)
  temple (!= 0.3.3)
  thin
  tilt
  wlang (>= 2.0.1)
  yajl-ruby
